STORAGE: NONE
RESTRICTION: || (== net8.0) (== netstandard2.1)
NUGET
  remote: https://api.nuget.org/v3/index.json
    BenchmarkDotNet (0.14)
      BenchmarkDotNet.Annotations (>= 0.14)
      CommandLineParser (>= 2.9.1)
      Gee.External.Capstone (>= 2.3)
      Iced (>= 1.17)
      Microsoft.CodeAnalysis.CSharp (>= 4.1)
      Microsoft.Diagnostics.Runtime (>= 2.2.332302)
      Microsoft.Diagnostics.Tracing.TraceEvent (>= 3.1.8)
      Microsoft.DotNet.PlatformAbstractions (>= 3.1.6)
      Microsoft.Win32.Registry (>= 5.0) - restriction: || (&& (== net8.0) (< net6.0)) (== netstandard2.1)
      Perfolizer (0.3.17)
      System.Management (>= 5.0)
      System.Numerics.Vectors (>= 4.5) - restriction: || (&& (== net8.0) (< net6.0)) (== netstandard2.1)
      System.Reflection.Emit (>= 4.7) - restriction: || (&& (== net8.0) (< net6.0)) (== netstandard2.1)
      System.Reflection.Emit.Lightweight (>= 4.7) - restriction: || (&& (== net8.0) (< net6.0)) (== netstandard2.1)
      System.Threading.Tasks.Extensions (>= 4.5.4) - restriction: || (&& (== net8.0) (< net6.0)) (== netstandard2.1)
    BenchmarkDotNet.Annotations (0.14)
    BlackFox.VsWhere (1.1)
      FSharp.Core (>= 4.2.3)
      Microsoft.Win32.Registry (>= 4.7)
    Castle.Core (5.1.1)
      System.Diagnostics.EventLog (>= 4.7) - restriction: || (&& (== net8.0) (< net6.0)) (&& (== net8.0) (< netstandard2.1)) (== netstandard2.1)
      System.Diagnostics.EventLog (>= 6.0) - restriction: || (== net8.0) (&& (== netstandard2.1) (>= net6.0))
    CommandLineParser (2.9.1)
    coverlet.collector (3.1.2)
    coverlet.msbuild (3.1.2)
    Fake.Api.GitHub (6.1.3)
      FSharp.Core (>= 8.0.301)
      Octokit (>= 13.0.1)
    Fake.BuildServer.GitHubActions (6.1.3)
      FAKE.Core.Environment (>= 6.1.3)
      Fake.Core.Trace (>= 6.1.3)
      FSharp.Core (>= 8.0.301)
    Fake.Core.CommandLineParsing (6.1.3)
      FParsec (>= 1.1.1)
      FSharp.Core (>= 8.0.301)
    Fake.Core.Context (6.1.3)
      FSharp.Core (>= 8.0.301)
    FAKE.Core.Environment (6.1.3)
      FSharp.Core (>= 8.0.301)
    Fake.Core.FakeVar (6.1.3)
      Fake.Core.Context (>= 6.1.3)
      FSharp.Core (>= 8.0.301)
    FAKE.Core.Process (6.1.3)
      FAKE.Core.Environment (>= 6.1.3)
      Fake.Core.FakeVar (>= 6.1.3)
      Fake.Core.String (>= 6.1.3)
      Fake.Core.Trace (>= 6.1.3)
      Fake.IO.FileSystem (>= 6.1.3)
      FSharp.Core (>= 8.0.301)
      System.Collections.Immutable (>= 8.0)
    Fake.Core.ReleaseNotes (6.1.3)
      Fake.Core.SemVer (>= 6.1.3)
      Fake.Core.String (>= 6.1.3)
      FSharp.Core (>= 8.0.301)
    Fake.Core.SemVer (6.1.3)
      FSharp.Core (>= 8.0.301)
    Fake.Core.String (6.1.3)
      FSharp.Core (>= 8.0.301)
    Fake.Core.Target (6.1.3)
      Fake.Core.CommandLineParsing (>= 6.1.3)
      Fake.Core.Context (>= 6.1.3)
      FAKE.Core.Environment (>= 6.1.3)
      Fake.Core.FakeVar (>= 6.1.3)
      FAKE.Core.Process (>= 6.1.3)
      Fake.Core.String (>= 6.1.3)
      Fake.Core.Trace (>= 6.1.3)
      FSharp.Control.Reactive (>= 5.0.2)
      FSharp.Core (>= 8.0.301)
    Fake.Core.Tasks (6.1.3)
      Fake.Core.Trace (>= 6.1.3)
      FSharp.Core (>= 8.0.301)
    Fake.Core.Trace (6.1.3)
      FAKE.Core.Environment (>= 6.1.3)
      Fake.Core.FakeVar (>= 6.1.3)
      FSharp.Core (>= 8.0.301)
    Fake.Core.Xml (6.1.3)
      Fake.Core.String (>= 6.1.3)
      FSharp.Core (>= 8.0.301)
    Fake.DotNet.AssemblyInfoFile (6.1.3)
      FAKE.Core.Environment (>= 6.1.3)
      Fake.Core.String (>= 6.1.3)
      Fake.Core.Trace (>= 6.1.3)
      Fake.IO.FileSystem (>= 6.1.3)
      FSharp.Core (>= 8.0.301)
    Fake.DotNet.Cli (6.1.3)
      FAKE.Core.Environment (>= 6.1.3)
      FAKE.Core.Process (>= 6.1.3)
      Fake.Core.String (>= 6.1.3)
      Fake.Core.Trace (>= 6.1.3)
      Fake.DotNet.MSBuild (>= 6.1.3)
      Fake.DotNet.NuGet (>= 6.1.3)
      Fake.IO.FileSystem (>= 6.1.3)
      FSharp.Core (>= 8.0.301)
      Mono.Posix.NETStandard (>= 1.0)
      Newtonsoft.Json (>= 13.0.3)
    Fake.DotNet.MSBuild (6.1.3)
      BlackFox.VsWhere (>= 1.1)
      FAKE.Core.Environment (>= 6.1.3)
      FAKE.Core.Process (>= 6.1.3)
      Fake.Core.String (>= 6.1.3)
      Fake.Core.Trace (>= 6.1.3)
      Fake.IO.FileSystem (>= 6.1.3)
      FSharp.Core (>= 8.0.301)
      MSBuild.StructuredLogger (>= 2.1.815)
    Fake.DotNet.NuGet (6.1.3)
      FAKE.Core.Environment (>= 6.1.3)
      FAKE.Core.Process (>= 6.1.3)
      Fake.Core.SemVer (>= 6.1.3)
      Fake.Core.String (>= 6.1.3)
      Fake.Core.Tasks (>= 6.1.3)
      Fake.Core.Trace (>= 6.1.3)
      Fake.Core.Xml (>= 6.1.3)
      Fake.IO.FileSystem (>= 6.1.3)
      Fake.Net.Http (>= 6.1.3)
      FSharp.Core (>= 8.0.301)
      Newtonsoft.Json (>= 13.0.3)
      NuGet.Protocol (>= 6.10.1)
    Fake.DotNet.Paket (6.1.3)
      FAKE.Core.Process (>= 6.1.3)
      Fake.Core.String (>= 6.1.3)
      Fake.Core.Trace (>= 6.1.3)
      Fake.DotNet.Cli (>= 6.1.3)
      Fake.IO.FileSystem (>= 6.1.3)
      FSharp.Core (>= 8.0.301)
    Fake.IO.FileSystem (6.1.3)
      Fake.Core.String (>= 6.1.3)
      Fake.Core.Trace (>= 6.1.3)
      FSharp.Core (>= 8.0.301)
    Fake.Net.Http (6.1.3)
      Fake.Core.Trace (>= 6.1.3)
      FSharp.Core (>= 8.0.301)
    Fake.Tools.Git (6.1.3)
      FAKE.Core.Environment (>= 6.1.3)
      FAKE.Core.Process (>= 6.1.3)
      Fake.Core.SemVer (>= 6.1.3)
      Fake.Core.String (>= 6.1.3)
      Fake.Core.Trace (>= 6.1.3)
      Fake.IO.FileSystem (>= 6.1.3)
      FSharp.Core (>= 8.0.301)
    FluentAssertions (8.1.1)
    FParsec (1.1.1)
      FSharp.Core (>= 4.3.4)
    FsCheck (3.1)
      FSharp.Core (>= 5.0.2)
    FsCheck.Xunit (3.1)
      FsCheck (3.1)
      FSharp.Core (>= 5.0.2)
      xunit.extensibility.execution (>= 2.4.1 < 3.0)
    FSharp.Control.Reactive (5.0.5)
      FSharp.Core (>= 4.7.2)
      System.Reactive (>= 5.0 < 6.0)
    FSharp.Core (9.0.201)
    Gee.External.Capstone (2.3)
    Iced (1.21)
    Microsoft.Bcl.AsyncInterfaces (9.0.2) - restriction: || (&& (== net8.0) (< net6.0)) (== netstandard2.1)
    Microsoft.Bcl.Cryptography (9.0.2)
      System.Formats.Asn1 (>= 9.0.2)
      System.Memory (>= 4.5.5) - restriction: || (&& (== net8.0) (>= net462)) (== netstandard2.1)
      System.Runtime.CompilerServices.Unsafe (>= 6.0) - restriction: || (&& (== net8.0) (>= net462)) (== netstandard2.1)
    Microsoft.Bcl.HashCode (6.0) - restriction: || (&& (== net8.0) (>= net462)) (== netstandard2.1)
    Microsoft.Build (17.3.2)
      Microsoft.Build.Framework (>= 17.3.2) - restriction: || (== net8.0) (&& (== netstandard2.1) (>= net472)) (&& (== netstandard2.1) (>= net6.0))
      Microsoft.NET.StringTools (>= 17.3.2) - restriction: || (== net8.0) (&& (== netstandard2.1) (>= net472)) (&& (== netstandard2.1) (>= net6.0))
      System.Collections.Immutable (>= 6.0) - restriction: || (== net8.0) (&& (== netstandard2.1) (>= net472)) (&& (== netstandard2.1) (>= net6.0))
      System.Configuration.ConfigurationManager (>= 6.0) - restriction: || (== net8.0) (&& (== netstandard2.1) (>= net472)) (&& (== netstandard2.1) (>= net6.0))
      System.Reflection.Metadata (>= 6.0) - restriction: || (== net8.0) (&& (== netstandard2.1) (>= net6.0))
      System.Reflection.MetadataLoadContext (>= 6.0) - restriction: || (== net8.0) (&& (== netstandard2.1) (>= net472)) (&& (== netstandard2.1) (>= net6.0))
      System.Security.Principal.Windows (>= 5.0) - restriction: || (== net8.0) (&& (== netstandard2.1) (>= net6.0))
      System.Text.Encoding.CodePages (>= 6.0) - restriction: || (== net8.0) (&& (== netstandard2.1) (>= net6.0))
      System.Text.Json (>= 6.0) - restriction: || (== net8.0) (&& (== netstandard2.1) (>= net472)) (&& (== netstandard2.1) (>= net6.0))
      System.Threading.Tasks.Dataflow (>= 6.0) - restriction: || (== net8.0) (&& (== netstandard2.1) (>= net472)) (&& (== netstandard2.1) (>= net6.0))
    Microsoft.Build.Framework (17.3.2)
      System.Security.Permissions (>= 6.0)
    Microsoft.Build.Tasks.Core (17.3.2)
      Microsoft.Build.Framework (>= 17.3.2)
      Microsoft.Build.Utilities.Core (>= 17.3.2)
      Microsoft.NET.StringTools (>= 17.3.2)
      Microsoft.Win32.Registry (>= 5.0) - restriction: || (&& (== net8.0) (< net6.0)) (== netstandard2.1)
      System.CodeDom (>= 6.0)
      System.Collections.Immutable (>= 6.0)
      System.Reflection.Metadata (>= 6.0)
      System.Resources.Extensions (>= 6.0)
      System.Security.Cryptography.Pkcs (>= 6.0.1)
      System.Security.Cryptography.Xml (>= 6.0)
      System.Security.Permissions (>= 6.0)
      System.Threading.Tasks.Dataflow (>= 6.0)
    Microsoft.Build.Utilities.Core (17.3.2)
      Microsoft.Build.Framework (>= 17.3.2)
      Microsoft.NET.StringTools (>= 17.3.2)
      Microsoft.Win32.Registry (>= 5.0) - restriction: || (&& (== net8.0) (< net6.0)) (== netstandard2.1)
      System.Collections.Immutable (>= 6.0)
      System.Configuration.ConfigurationManager (>= 6.0)
      System.Security.Permissions (>= 6.0) - restriction: || (&& (== net8.0) (< net6.0)) (== netstandard2.1)
      System.Text.Encoding.CodePages (>= 6.0) - restriction: || (&& (== net8.0) (< net6.0)) (== netstandard2.1)
    Microsoft.CodeAnalysis.Analyzers (3.11)
    Microsoft.CodeAnalysis.Common (4.13)
      Microsoft.CodeAnalysis.Analyzers (>= 3.11)
      System.Buffers (>= 4.5.1) - restriction: == netstandard2.1
      System.Collections.Immutable (>= 8.0)
      System.Memory (>= 4.5.5) - restriction: == netstandard2.1
      System.Numerics.Vectors (>= 4.5) - restriction: == netstandard2.1
      System.Reflection.Metadata (>= 8.0)
      System.Runtime.CompilerServices.Unsafe (>= 6.0) - restriction: == netstandard2.1
      System.Text.Encoding.CodePages (>= 7.0) - restriction: == netstandard2.1
      System.Threading.Tasks.Extensions (>= 4.5.4) - restriction: == netstandard2.1
    Microsoft.CodeAnalysis.CSharp (4.13)
      Microsoft.CodeAnalysis.Analyzers (>= 3.11)
      Microsoft.CodeAnalysis.Common (4.13)
      System.Buffers (>= 4.5.1) - restriction: == netstandard2.1
      System.Collections.Immutable (>= 8.0)
      System.Memory (>= 4.5.5) - restriction: == netstandard2.1
      System.Numerics.Vectors (>= 4.5) - restriction: == netstandard2.1
      System.Reflection.Metadata (>= 8.0)
      System.Runtime.CompilerServices.Unsafe (>= 6.0) - restriction: == netstandard2.1
      System.Text.Encoding.CodePages (>= 7.0) - restriction: == netstandard2.1
      System.Threading.Tasks.Extensions (>= 4.5.4) - restriction: == netstandard2.1
    Microsoft.CodeCoverage (17.13) - restriction: || (== net8.0) (&& (== netstandard2.1) (>= net45)) (&& (== netstandard2.1) (>= netcoreapp1.0))
    Microsoft.Diagnostics.NETCore.Client (0.2.607501)
      Microsoft.Bcl.AsyncInterfaces (>= 6.0) - restriction: || (&& (== net8.0) (< net6.0)) (== netstandard2.1)
      Microsoft.Extensions.Logging.Abstractions (>= 6.0.4)
      System.Buffers (>= 4.5.1) - restriction: || (&& (== net8.0) (< net6.0)) (== netstandard2.1)
    Microsoft.Diagnostics.Runtime (3.1.512801)
      Microsoft.Diagnostics.NETCore.Client (>= 0.2.410101)
      System.Collections.Immutable (>= 6.0) - restriction: || (&& (== net8.0) (< net6.0)) (== netstandard2.1)
      System.Runtime.CompilerServices.Unsafe (>= 6.0) - restriction: || (&& (== net8.0) (< net6.0)) (== netstandard2.1)
    Microsoft.Diagnostics.Tracing.TraceEvent (3.1.19)
      Microsoft.Diagnostics.NETCore.Client (>= 0.2.510501)
      Microsoft.Win32.Registry (>= 5.0)
      System.Collections.Immutable (>= 8.0)
      System.Reflection.Metadata (>= 8.0)
      System.Reflection.TypeExtensions (>= 4.7)
      System.Runtime.CompilerServices.Unsafe (>= 6.0)
    Microsoft.DotNet.PlatformAbstractions (3.1.6)
    Microsoft.Extensions.DependencyInjection.Abstractions (9.0.2)
    Microsoft.Extensions.Logging.Abstractions (9.0.2)
      Microsoft.Extensions.DependencyInjection.Abstractions (>= 9.0.2)
      System.Buffers (>= 4.5.1) - restriction: || (&& (== net8.0) (>= net462)) (== netstandard2.1)
      System.Diagnostics.DiagnosticSource (>= 9.0.2)
      System.Memory (>= 4.5.5) - restriction: || (&& (== net8.0) (>= net462)) (== netstandard2.1)
    Microsoft.NET.StringTools (17.13.9)
      System.Memory (>= 4.5.5)
      System.Runtime.CompilerServices.Unsafe (>= 6.0)
    Microsoft.NET.Test.Sdk (16.11)
      Microsoft.CodeCoverage (>= 16.11) - restriction: || (== net8.0) (&& (== netstandard2.1) (>= net45)) (&& (== netstandard2.1) (>= netcoreapp1.0))
      Microsoft.TestPlatform.TestHost (>= 16.11) - restriction: || (== net8.0) (&& (== netstandard2.1) (>= netcoreapp1.0))
    Microsoft.NETCore.Platforms (7.0.4)
    Microsoft.NETCore.Targets (5.0)
    Microsoft.TestPlatform.ObjectModel (17.13) - restriction: || (== net8.0) (&& (== netstandard2.1) (>= netcoreapp3.1))
      System.Reflection.Metadata (>= 1.6)
    Microsoft.TestPlatform.TestHost (17.13) - restriction: || (== net8.0) (&& (== netstandard2.1) (>= netcoreapp1.0))
      Microsoft.TestPlatform.ObjectModel (>= 17.13) - restriction: || (== net8.0) (&& (== netstandard2.1) (>= netcoreapp3.1))
      Newtonsoft.Json (>= 13.0.1) - restriction: || (== net8.0) (&& (== netstandard2.1) (>= netcoreapp3.1))
    Microsoft.Win32.Registry (5.0)
      System.Buffers (>= 4.5.1) - restriction: || (&& (== net8.0) (>= monoandroid) (< netstandard1.3)) (&& (== net8.0) (>= monotouch)) (&& (== net8.0) (< netcoreapp2.0)) (&& (== net8.0) (>= xamarinios)) (&& (== net8.0) (>= xamarinmac)) (&& (== net8.0) (>= xamarintvos)) (&& (== net8.0) (>= xamarinwatchos)) (== netstandard2.1)
      System.Memory (>= 4.5.4) - restriction: || (&& (== net8.0) (< netcoreapp2.0)) (&& (== net8.0) (< netcoreapp2.1)) (&& (== net8.0) (>= uap10.1)) (== netstandard2.1)
      System.Security.AccessControl (>= 5.0)
      System.Security.Principal.Windows (>= 5.0)
    Mono.Posix.NETStandard (1.0)
    MSBuild.StructuredLogger (2.1.815)
      Microsoft.Build.Framework (>= 16.10)
      Microsoft.Build.Utilities.Core (>= 16.10)
    NETStandard.Library (2.0.3)
      Microsoft.NETCore.Platforms (>= 1.1)
    Newtonsoft.Json (13.0.3)
    NSubstitute (5.3)
      Castle.Core (>= 5.1.1)
      System.Threading.Tasks.Extensions (>= 4.3) - restriction: || (&& (== net8.0) (>= net462)) (&& (== net8.0) (< net6.0)) (== netstandard2.1)
    NuGet.Common (6.13.2)
      NuGet.Frameworks (>= 6.13.2)
      System.Collections.Immutable (>= 8.0)
    NuGet.Configuration (6.13.2)
      NuGet.Common (>= 6.13.2)
      System.Security.Cryptography.ProtectedData (>= 4.4)
    NuGet.Frameworks (6.13.2)
    NuGet.Packaging (6.13.2)
      Newtonsoft.Json (>= 13.0.3)
      NuGet.Configuration (>= 6.13.2)
      NuGet.Versioning (>= 6.13.2)
      System.Formats.Asn1 (>= 8.0.1)
      System.Security.Cryptography.Pkcs (>= 6.0.4)
      System.Text.Json (>= 8.0.5) - restriction: || (&& (== net8.0) (>= net472)) (== netstandard2.1)
    NuGet.Protocol (6.13.2)
      NuGet.Packaging (>= 6.13.2)
      System.Text.Json (>= 8.0.5) - restriction: || (&& (== net8.0) (>= net472)) (== netstandard2.1)
    NuGet.Versioning (6.13.2)
    Octokit (14.0)
    Perfolizer (0.3.17)
    runtime.debian.8-x64.runtime.native.System.Security.Cryptography.OpenSsl (4.3.3)
    runtime.debian.9-x64.runtime.native.System.Security.Cryptography.OpenSsl (4.3.3)
    runtime.fedora.23-x64.runtime.native.System.Security.Cryptography.OpenSsl (4.3.3)
    runtime.fedora.24-x64.runtime.native.System.Security.Cryptography.OpenSsl (4.3.3)
    runtime.fedora.27-x64.runtime.native.System.Security.Cryptography.OpenSsl (4.3.3)
    runtime.fedora.28-x64.runtime.native.System.Security.Cryptography.OpenSsl (4.3.3)
    runtime.native.System (4.3.1)
      Microsoft.NETCore.Platforms (>= 1.1.1)
      Microsoft.NETCore.Targets (>= 1.1.3)
    runtime.native.System.Net.Http (4.3.1)
      Microsoft.NETCore.Platforms (>= 1.1.1)
      Microsoft.NETCore.Targets (>= 1.1.3)
    runtime.native.System.Security.Cryptography.Apple (4.3.1)
      runtime.osx.10.10-x64.runtime.native.System.Security.Cryptography.Apple (>= 4.3.1)
    runtime.native.System.Security.Cryptography.OpenSsl (4.3.3)
      runtime.debian.8-x64.runtime.native.System.Security.Cryptography.OpenSsl (>= 4.3.3)
      runtime.debian.9-x64.runtime.native.System.Security.Cryptography.OpenSsl (>= 4.3.3)
      runtime.fedora.23-x64.runtime.native.System.Security.Cryptography.OpenSsl (>= 4.3.3)
      runtime.fedora.24-x64.runtime.native.System.Security.Cryptography.OpenSsl (>= 4.3.3)
      runtime.fedora.27-x64.runtime.native.System.Security.Cryptography.OpenSsl (>= 4.3.3)
      runtime.fedora.28-x64.runtime.native.System.Security.Cryptography.OpenSsl (>= 4.3.3)
      runtime.opensuse.13.2-x64.runtime.native.System.Security.Cryptography.OpenSsl (>= 4.3.3)
      runtime.opensuse.42.1-x64.runtime.native.System.Security.Cryptography.OpenSsl (>= 4.3.3)
      runtime.opensuse.42.3-x64.runtime.native.System.Security.Cryptography.OpenSsl (>= 4.3.3)
      runtime.osx.10.10-x64.runtime.native.System.Security.Cryptography.OpenSsl (>= 4.3.3)
      runtime.rhel.7-x64.runtime.native.System.Security.Cryptography.OpenSsl (>= 4.3.3)
      runtime.ubuntu.14.04-x64.runtime.native.System.Security.Cryptography.OpenSsl (>= 4.3.3)
      runtime.ubuntu.16.04-x64.runtime.native.System.Security.Cryptography.OpenSsl (>= 4.3.3)
      runtime.ubuntu.16.10-x64.runtime.native.System.Security.Cryptography.OpenSsl (>= 4.3.3)
      runtime.ubuntu.18.04-x64.runtime.native.System.Security.Cryptography.OpenSsl (>= 4.3.3)
    runtime.opensuse.13.2-x64.runtime.native.System.Security.Cryptography.OpenSsl (4.3.3)
    runtime.opensuse.42.1-x64.runtime.native.System.Security.Cryptography.OpenSsl (4.3.3)
    runtime.opensuse.42.3-x64.runtime.native.System.Security.Cryptography.OpenSsl (4.3.3)
    runtime.osx.10.10-x64.runtime.native.System.Security.Cryptography.Apple (4.3.1)
    runtime.osx.10.10-x64.runtime.native.System.Security.Cryptography.OpenSsl (4.3.3)
    runtime.rhel.7-x64.runtime.native.System.Security.Cryptography.OpenSsl (4.3.3)
    runtime.ubuntu.14.04-x64.runtime.native.System.Security.Cryptography.OpenSsl (4.3.3)
    runtime.ubuntu.16.04-x64.runtime.native.System.Security.Cryptography.OpenSsl (4.3.3)
    runtime.ubuntu.16.10-x64.runtime.native.System.Security.Cryptography.OpenSsl (4.3.3)
    runtime.ubuntu.18.04-x64.runtime.native.System.Security.Cryptography.OpenSsl (4.3.3)
    System.Buffers (4.6) - restriction: || (&& (== net8.0) (>= net462)) (== netstandard2.1)
    System.CodeDom (9.0.2)
    System.Collections (4.3)
      Microsoft.NETCore.Platforms (>= 1.1)
      Microsoft.NETCore.Targets (>= 1.1)
      System.Runtime (>= 4.3)
    System.Collections.Concurrent (4.3)
      System.Collections (>= 4.3)
      System.Diagnostics.Debug (>= 4.3)
      System.Diagnostics.Tracing (>= 4.3)
      System.Globalization (>= 4.3)
      System.Reflection (>= 4.3)
      System.Resources.ResourceManager (>= 4.3)
      System.Runtime (>= 4.3)
      System.Runtime.Extensions (>= 4.3)
      System.Threading (>= 4.3)
      System.Threading.Tasks (>= 4.3)
    System.Collections.Immutable (9.0.2)
      System.Memory (>= 4.5.5) - restriction: || (&& (== net8.0) (>= net462)) (== netstandard2.1)
      System.Runtime.CompilerServices.Unsafe (>= 6.0) - restriction: || (&& (== net8.0) (>= net462)) (== netstandard2.1)
    System.Configuration.ConfigurationManager (9.0.2)
      System.Diagnostics.EventLog (>= 9.0.2) - restriction: || (== net8.0) (&& (== netstandard2.1) (>= net8.0)) (&& (== netstandard2.1) (< netstandard2.0))
      System.Security.Cryptography.ProtectedData (>= 9.0.2)
    System.Diagnostics.Debug (4.3)
      Microsoft.NETCore.Platforms (>= 1.1)
      Microsoft.NETCore.Targets (>= 1.1)
      System.Runtime (>= 4.3)
    System.Diagnostics.DiagnosticSource (9.0.2)
      System.Memory (>= 4.5.5) - restriction: || (&& (== net8.0) (>= net462)) (== netstandard2.1)
      System.Runtime.CompilerServices.Unsafe (>= 6.0) - restriction: || (&& (== net8.0) (>= net462)) (== netstandard2.1)
    System.Diagnostics.EventLog (9.0.2)
    System.Diagnostics.Tracing (4.3)
      Microsoft.NETCore.Platforms (>= 1.1)
      Microsoft.NETCore.Targets (>= 1.1)
      System.Runtime (>= 4.3)
    System.Formats.Asn1 (9.0.2)
      System.Buffers (>= 4.5.1) - restriction: || (&& (== net8.0) (>= net462)) (== netstandard2.1)
      System.Memory (>= 4.5.5) - restriction: || (&& (== net8.0) (>= net462)) (== netstandard2.1)
    System.Formats.Nrbf (9.0.2)
      Microsoft.Bcl.HashCode (>= 1.1.1) - restriction: || (&& (== net8.0) (>= net462)) (== netstandard2.1)
      System.Reflection.Metadata (>= 9.0.2)
    System.Globalization (4.3)
      Microsoft.NETCore.Platforms (>= 1.1)
      Microsoft.NETCore.Targets (>= 1.1)
      System.Runtime (>= 4.3)
    System.Globalization.Calendars (4.3)
      Microsoft.NETCore.Platforms (>= 1.1)
      Microsoft.NETCore.Targets (>= 1.1)
      System.Globalization (>= 4.3)
      System.Runtime (>= 4.3)
    System.Globalization.Extensions (4.3)
      Microsoft.NETCore.Platforms (>= 1.1)
      System.Globalization (>= 4.3)
      System.Resources.ResourceManager (>= 4.3)
      System.Runtime (>= 4.3)
      System.Runtime.Extensions (>= 4.3)
      System.Runtime.InteropServices (>= 4.3)
    System.IO (4.3)
      Microsoft.NETCore.Platforms (>= 1.1)
      Microsoft.NETCore.Targets (>= 1.1)
      System.Runtime (>= 4.3)
      System.Text.Encoding (>= 4.3)
      System.Threading.Tasks (>= 4.3)
    System.IO.FileSystem (4.3)
      Microsoft.NETCore.Platforms (>= 1.1)
      Microsoft.NETCore.Targets (>= 1.1)
      System.IO (>= 4.3)
      System.IO.FileSystem.Primitives (>= 4.3)
      System.Runtime (>= 4.3)
      System.Runtime.Handles (>= 4.3)
      System.Text.Encoding (>= 4.3)
      System.Threading.Tasks (>= 4.3)
    System.IO.FileSystem.Primitives (4.3)
      System.Runtime (>= 4.3)
    System.IO.Pipelines (9.0.2) - restriction: || (== net8.0) (&& (== netstandard2.1) (>= net472)) (&& (== netstandard2.1) (>= net6.0))
    System.Linq (4.3)
      System.Collections (>= 4.3)
      System.Diagnostics.Debug (>= 4.3)
      System.Resources.ResourceManager (>= 4.3)
      System.Runtime (>= 4.3)
      System.Runtime.Extensions (>= 4.3)
    System.Management (9.0.2)
      System.CodeDom (>= 9.0.2)
    System.Memory (4.6)
      System.Buffers (>= 4.6) - restriction: || (&& (== net8.0) (>= net462)) (&& (== net8.0) (< netcoreapp2.1)) (== netstandard2.1)
      System.Numerics.Vectors (>= 4.6) - restriction: || (&& (== net8.0) (>= net462)) (&& (== net8.0) (< netcoreapp2.1)) (== netstandard2.1)
      System.Runtime.CompilerServices.Unsafe (>= 6.1) - restriction: || (&& (== net8.0) (>= net462)) (&& (== net8.0) (< netcoreapp2.1)) (== netstandard2.1)
    System.Net.Http (4.3.4)
      Microsoft.NETCore.Platforms (>= 1.1.1)
      runtime.native.System (>= 4.3)
      runtime.native.System.Net.Http (>= 4.3)
      runtime.native.System.Security.Cryptography.OpenSsl (>= 4.3.2)
      System.Collections (>= 4.3)
      System.Diagnostics.Debug (>= 4.3)
      System.Diagnostics.DiagnosticSource (>= 4.3)
      System.Diagnostics.Tracing (>= 4.3)
      System.Globalization (>= 4.3)
      System.Globalization.Extensions (>= 4.3)
      System.IO (>= 4.3)
      System.IO.FileSystem (>= 4.3)
      System.Net.Primitives (>= 4.3)
      System.Resources.ResourceManager (>= 4.3)
      System.Runtime (>= 4.3)
      System.Runtime.Extensions (>= 4.3)
      System.Runtime.Handles (>= 4.3)
      System.Runtime.InteropServices (>= 4.3)
      System.Security.Cryptography.Algorithms (>= 4.3)
      System.Security.Cryptography.Encoding (>= 4.3)
      System.Security.Cryptography.OpenSsl (>= 4.3)
      System.Security.Cryptography.Primitives (>= 4.3)
      System.Security.Cryptography.X509Certificates (>= 4.3)
      System.Text.Encoding (>= 4.3)
      System.Threading (>= 4.3)
      System.Threading.Tasks (>= 4.3)
    System.Net.Primitives (4.3.1)
      Microsoft.NETCore.Platforms (>= 1.1.1)
      Microsoft.NETCore.Targets (>= 1.1.3)
      System.Runtime (>= 4.3.1)
      System.Runtime.Handles (>= 4.3)
    System.Numerics.Vectors (4.6) - restriction: || (&& (== net8.0) (>= net462)) (== netstandard2.1)
    System.Reactive (5.0)
      System.Runtime.InteropServices.WindowsRuntime (>= 4.3) - restriction: || (&& (== net8.0) (< netcoreapp3.1)) (== netstandard2.1)
      System.Threading.Tasks.Extensions (>= 4.5.4) - restriction: || (&& (== net8.0) (>= net472)) (&& (== net8.0) (< netcoreapp3.1)) (&& (== net8.0) (>= uap10.1)) (== netstandard2.1)
    System.Reflection (4.3)
      Microsoft.NETCore.Platforms (>= 1.1)
      Microsoft.NETCore.Targets (>= 1.1)
      System.IO (>= 4.3)
      System.Reflection.Primitives (>= 4.3)
      System.Runtime (>= 4.3)
    System.Reflection.Emit (4.7) - restriction: || (&& (== net8.0) (< net6.0)) (== netstandard2.1)
    System.Reflection.Emit.Lightweight (4.7) - restriction: || (&& (== net8.0) (< net6.0)) (== netstandard2.1)
    System.Reflection.Metadata (9.0.2)
      System.Collections.Immutable (>= 9.0.2)
    System.Reflection.MetadataLoadContext (9.0.2) - restriction: || (== net8.0) (&& (== netstandard2.1) (>= net472)) (&& (== netstandard2.1) (>= net6.0))
      System.Collections.Immutable (>= 9.0.2)
      System.Reflection.Metadata (>= 9.0.2)
    System.Reflection.Primitives (4.3)
      Microsoft.NETCore.Platforms (>= 1.1)
      Microsoft.NETCore.Targets (>= 1.1)
      System.Runtime (>= 4.3)
    System.Reflection.TypeExtensions (4.7)
    System.Resources.Extensions (9.0.2)
      System.Formats.Nrbf (>= 9.0.2)
      System.Memory (>= 4.5.5) - restriction: || (&& (== net8.0) (>= net462)) (== netstandard2.1)
    System.Resources.ResourceManager (4.3)
      Microsoft.NETCore.Platforms (>= 1.1)
      Microsoft.NETCore.Targets (>= 1.1)
      System.Globalization (>= 4.3)
      System.Reflection (>= 4.3)
      System.Runtime (>= 4.3)
    System.Runtime (4.3.1)
      Microsoft.NETCore.Platforms (>= 1.1.1)
      Microsoft.NETCore.Targets (>= 1.1.3)
    System.Runtime.CompilerServices.Unsafe (6.1)
    System.Runtime.Extensions (4.3.1)
      Microsoft.NETCore.Platforms (>= 1.1.1)
      Microsoft.NETCore.Targets (>= 1.1.3)
      System.Runtime (>= 4.3.1)
    System.Runtime.Handles (4.3)
      Microsoft.NETCore.Platforms (>= 1.1)
      Microsoft.NETCore.Targets (>= 1.1)
      System.Runtime (>= 4.3)
    System.Runtime.InteropServices (4.3)
      Microsoft.NETCore.Platforms (>= 1.1)
      Microsoft.NETCore.Targets (>= 1.1)
      System.Reflection (>= 4.3)
      System.Reflection.Primitives (>= 4.3)
      System.Runtime (>= 4.3)
      System.Runtime.Handles (>= 4.3)
    System.Runtime.InteropServices.WindowsRuntime (4.3) - restriction: || (&& (== net8.0) (< netcoreapp3.1)) (== netstandard2.1)
      System.Runtime (>= 4.3)
    System.Runtime.Numerics (4.3)
      System.Globalization (>= 4.3)
      System.Resources.ResourceManager (>= 4.3)
      System.Runtime (>= 4.3)
      System.Runtime.Extensions (>= 4.3)
    System.Security.AccessControl (6.0.1) - restriction: || (&& (== net8.0) (>= net462)) (== netstandard2.1)
      System.Security.Principal.Windows (>= 5.0) - restriction: || (&& (== net8.0) (>= net461)) (&& (== net8.0) (< net6.0)) (== netstandard2.1)
    System.Security.Cryptography.Algorithms (4.3.1)
      Microsoft.NETCore.Platforms (>= 1.1)
      runtime.native.System.Security.Cryptography.Apple (>= 4.3.1)
      runtime.native.System.Security.Cryptography.OpenSsl (>= 4.3.2)
      System.Collections (>= 4.3)
      System.IO (>= 4.3)
      System.Resources.ResourceManager (>= 4.3)
      System.Runtime (>= 4.3)
      System.Runtime.Extensions (>= 4.3)
      System.Runtime.Handles (>= 4.3)
      System.Runtime.InteropServices (>= 4.3)
      System.Runtime.Numerics (>= 4.3)
      System.Security.Cryptography.Encoding (>= 4.3)
      System.Security.Cryptography.Primitives (>= 4.3)
      System.Text.Encoding (>= 4.3)
    System.Security.Cryptography.Cng (5.0)
    System.Security.Cryptography.Csp (4.3)
      Microsoft.NETCore.Platforms (>= 1.1)
      System.IO (>= 4.3)
      System.Reflection (>= 4.3)
      System.Resources.ResourceManager (>= 4.3)
      System.Runtime (>= 4.3)
      System.Runtime.Extensions (>= 4.3)
      System.Runtime.Handles (>= 4.3)
      System.Runtime.InteropServices (>= 4.3)
      System.Security.Cryptography.Algorithms (>= 4.3)
      System.Security.Cryptography.Encoding (>= 4.3)
      System.Security.Cryptography.Primitives (>= 4.3)
      System.Text.Encoding (>= 4.3)
      System.Threading (>= 4.3)
    System.Security.Cryptography.Encoding (4.3)
      Microsoft.NETCore.Platforms (>= 1.1)
      runtime.native.System.Security.Cryptography.OpenSsl (>= 4.3)
      System.Collections (>= 4.3)
      System.Collections.Concurrent (>= 4.3)
      System.Linq (>= 4.3)
      System.Resources.ResourceManager (>= 4.3)
      System.Runtime (>= 4.3)
      System.Runtime.Extensions (>= 4.3)
      System.Runtime.Handles (>= 4.3)
      System.Runtime.InteropServices (>= 4.3)
      System.Security.Cryptography.Primitives (>= 4.3)
      System.Text.Encoding (>= 4.3)
    System.Security.Cryptography.OpenSsl (5.0)
      System.Formats.Asn1 (>= 5.0) - restriction: || (== net8.0) (&& (== netstandard2.1) (>= netcoreapp3.0))
    System.Security.Cryptography.Pkcs (9.0.2)
      Microsoft.Bcl.Cryptography (>= 9.0.2)
      System.Formats.Asn1 (>= 9.0.2)
      System.Runtime.CompilerServices.Unsafe (>= 6.0) - restriction: || (&& (== net8.0) (< netstandard2.1)) (== netstandard2.1)
      System.Security.Cryptography.Cng (>= 5.0) - restriction: || (&& (== net8.0) (< netstandard2.1)) (== netstandard2.1)
    System.Security.Cryptography.Primitives (4.3)
      System.Diagnostics.Debug (>= 4.3)
      System.Globalization (>= 4.3)
      System.IO (>= 4.3)
      System.Resources.ResourceManager (>= 4.3)
      System.Runtime (>= 4.3)
      System.Threading (>= 4.3)
      System.Threading.Tasks (>= 4.3)
    System.Security.Cryptography.ProtectedData (9.0.2)
    System.Security.Cryptography.X509Certificates (4.3.2)
      Microsoft.NETCore.Platforms (>= 1.1)
      runtime.native.System (>= 4.3)
      runtime.native.System.Net.Http (>= 4.3)
      runtime.native.System.Security.Cryptography.OpenSsl (>= 4.3.2)
      System.Collections (>= 4.3)
      System.Diagnostics.Debug (>= 4.3)
      System.Globalization (>= 4.3)
      System.Globalization.Calendars (>= 4.3)
      System.IO (>= 4.3)
      System.IO.FileSystem (>= 4.3)
      System.IO.FileSystem.Primitives (>= 4.3)
      System.Resources.ResourceManager (>= 4.3)
      System.Runtime (>= 4.3)
      System.Runtime.Extensions (>= 4.3)
      System.Runtime.Handles (>= 4.3)
      System.Runtime.InteropServices (>= 4.3)
      System.Runtime.Numerics (>= 4.3)
      System.Security.Cryptography.Algorithms (>= 4.3)
      System.Security.Cryptography.Cng (>= 4.3)
      System.Security.Cryptography.Csp (>= 4.3)
      System.Security.Cryptography.Encoding (>= 4.3)
      System.Security.Cryptography.OpenSsl (>= 4.3)
      System.Security.Cryptography.Primitives (>= 4.3)
      System.Text.Encoding (>= 4.3)
      System.Threading (>= 4.3)
    System.Security.Cryptography.Xml (9.0.2)
      Microsoft.Bcl.Cryptography (>= 9.0.2)
      System.Memory (>= 4.5.5) - restriction: == netstandard2.1
      System.Security.AccessControl (>= 6.0) - restriction: == netstandard2.1
      System.Security.Cryptography.Pkcs (>= 9.0.2)
    System.Security.Permissions (9.0.2)
      System.Security.AccessControl (>= 6.0) - restriction: || (&& (== net8.0) (>= net462)) (== netstandard2.1)
      System.Windows.Extensions (>= 9.0.2) - restriction: || (== net8.0) (&& (== netstandard2.1) (>= net8.0)) (&& (== netstandard2.1) (< netstandard2.0))
    System.Security.Principal.Windows (5.0)
    System.Text.Encoding (4.3)
      Microsoft.NETCore.Platforms (>= 1.1)
      Microsoft.NETCore.Targets (>= 1.1)
      System.Runtime (>= 4.3)
    System.Text.Encoding.CodePages (9.0.2)
    System.Text.Encodings.Web (9.0.2) - restriction: || (== net8.0) (&& (== netstandard2.1) (>= net472)) (&& (== netstandard2.1) (>= net6.0))
    System.Text.Json (9.0.2)
      System.IO.Pipelines (>= 9.0.2)
      System.Text.Encodings.Web (>= 9.0.2)
    System.Text.RegularExpressions (4.3.1)
      System.Collections (>= 4.3) - restriction: || (&& (== net8.0) (< netcoreapp1.1)) (== netstandard2.1)
      System.Globalization (>= 4.3) - restriction: || (&& (== net8.0) (< netcoreapp1.1)) (== netstandard2.1)
      System.Resources.ResourceManager (>= 4.3) - restriction: || (&& (== net8.0) (< netcoreapp1.1)) (== netstandard2.1)
      System.Runtime (>= 4.3.1)
      System.Runtime.Extensions (>= 4.3.1) - restriction: || (&& (== net8.0) (< netcoreapp1.1)) (== netstandard2.1)
      System.Threading (>= 4.3) - restriction: || (&& (== net8.0) (< netcoreapp1.1)) (== netstandard2.1)
    System.Threading (4.3)
      System.Runtime (>= 4.3)
      System.Threading.Tasks (>= 4.3)
    System.Threading.Tasks (4.3)
      Microsoft.NETCore.Platforms (>= 1.1)
      Microsoft.NETCore.Targets (>= 1.1)
      System.Runtime (>= 4.3)
    System.Threading.Tasks.Dataflow (9.0.2)
    System.Threading.Tasks.Extensions (4.6) - restriction: || (&& (== net8.0) (< net6.0)) (== netstandard2.1)
      System.Runtime.CompilerServices.Unsafe (>= 6.1) - restriction: || (&& (== net8.0) (>= net462)) (&& (== net8.0) (< netcoreapp2.1)) (== netstandard2.1)
    System.Windows.Extensions (9.0.2) - restriction: || (== net8.0) (&& (== netstandard2.1) (>= net8.0)) (&& (== netstandard2.1) (< netstandard2.0))
    xunit (2.4.1)
      xunit.analyzers (>= 0.10)
      xunit.assert (2.4.1)
      xunit.core (2.4.1)
    xunit.abstractions (2.0.3)
    xunit.analyzers (1.20)
    xunit.assert (2.4.1)
      NETStandard.Library (>= 1.6.1)
    xunit.core (2.4.1)
      xunit.extensibility.core (2.4.1)
      xunit.extensibility.execution (2.4.1)
    xunit.extensibility.core (2.4.1)
      NETStandard.Library (>= 1.6.1)
      xunit.abstractions (>= 2.0.3)
    xunit.extensibility.execution (2.4.1)
      NETStandard.Library (>= 1.6.1)
      xunit.extensibility.core (2.4.1)
    xunit.runner.visualstudio (2.4.3)
